PATH
  remote: ../gooddata-ruby
  specs:
    gooddata (0.2.0)
      fastercsv
      gooddata
      json
      json_pure
      parseconfig
      rest-client
      rubyzip

PATH
  remote: ../variable_uploader
  specs:
    variable_uploader (0.0.1)
      fastercsv
      rake
      rspec

GEM
  specs:
    diff-lcs (1.1.2)
    fastercsv (1.5.4)
    json (1.5.1)
    json_pure (1.5.1)
    mime-types (1.16)
    parseconfig (0.5.2)
    rake (0.8.7)
    rest-client (1.6.3)
      mime-types (>= 1.16)
    rspec (2.6.0)
      rspec-core (~> 2.6.0)
      rspec-expectations (~> 2.6.0)
      rspec-mocks (~> 2.6.0)
    rspec-core (2.6.4)
    rspec-expectations (2.6.0)
      diff-lcs (~> 1.1.2)
    rspec-mocks (2.6.0)
    rubyzip (0.9.4)

PLATFORMS
  ruby

DEPENDENCIES
  gooddata!
  variable_uploader!
